GEM
  specs:
    sunlight-congress (1.1.0)

PLATFORMS
  ruby

DEPENDENCIES
  sunlight-congress
